PATH
  remote: .
  specs:
    blueprints (0.8.0)
      activesupport (>= 2.3.0)
      database_cleaner (~> 0.5.0)

GEM
  specs:
    activerecord (2.3.8)
      activesupport (= 2.3.8)
    activesupport (2.3.8)
    builder (2.1.2)
    cucumber (0.7.3)
      builder (>= 2.1.2)
      diff-lcs (>= 1.1.2)
      gherkin (>= 1.0.27)
      json_pure (>= 1.2.4)
      term-ansicolor (>= 1.0.4)
    database_cleaner (0.5.2)
    diff-lcs (1.1.2)
    gherkin (1.0.30)
      trollop (>= 1.16.2)
    json_pure (1.2.4)
    mocha (0.9.8)
      rake
    rake (0.8.7)
    rspec (1.3.0)
    shoulda (2.10.3)
    term-ansicolor (1.0.5)
    trollop (1.16.2)

PLATFORMS
  ruby

DEPENDENCIES
  activerecord (>= 2.3.0)
  activesupport (>= 2.3.0)
  blueprints!
  cucumber (>= 0.7.0)
  database_cleaner (~> 0.5.0)
  mocha (>= 0.9.8)
  rspec (>= 1.3.0)
  shoulda (>= 2.10.0)
