PATH
  remote: .
  specs:
    blueprints (0.9.0)
      activesupport (>= 2.3.0)
      database_cleaner (~> 0.5.0)

GEM
  remote: http://rubygems.org/
  specs:
    activemodel (3.0.4)
      activesupport (= 3.0.4)
      builder (~> 2.1.2)
      i18n (~> 0.4)
    activerecord (3.0.4)
      activemodel (= 3.0.4)
      activesupport (= 3.0.4)
      arel (~> 2.0.2)
      tzinfo (~> 0.3.23)
    activesupport (3.0.4)
    addressable (2.2.4)
    arel (2.0.8)
    bson (1.2.0)
    bson_ext (1.2.0)
    builder (2.1.2)
    cucumber (0.10.0)
      builder (>= 2.1.2)
      diff-lcs (~> 1.1.2)
      gherkin (~> 2.3.2)
      json (~> 1.4.6)
      term-ansicolor (~> 1.0.5)
    data_objects (0.10.3)
      addressable (~> 2.1)
    database_cleaner (0.5.2)
    diff-lcs (1.1.2)
    dm-core (1.0.2)
      addressable (~> 2.2)
      extlib (~> 0.9.15)
    dm-do-adapter (1.0.2)
      data_objects (~> 0.10.2)
      dm-core (~> 1.0.2)
    dm-migrations (1.0.2)
      dm-core (~> 1.0.2)
    dm-mysql-adapter (1.0.2)
      dm-do-adapter (~> 1.0.2)
      do_mysql (~> 0.10.2)
    dm-transactions (1.0.2)
      dm-core (~> 1.0.2)
    do_mysql (0.10.3)
      data_objects (= 0.10.3)
    extlib (0.9.15)
    gherkin (2.3.3)
      json (~> 1.4.6)
    i18n (0.5.0)
    jnunemaker-validatable (1.8.4)
      activesupport (>= 2.3.4)
    json (1.4.6)
    mocha (0.9.11)
      rake
    mongo (1.2.0)
      bson (>= 1.2.0)
    mongo_mapper (0.8.6)
      activesupport (>= 2.3.4)
      jnunemaker-validatable (~> 1.8.4)
      plucky (~> 0.3.6)
    mongoid (2.0.0.rc.7)
      activemodel (~> 3.0)
      mongo (~> 1.2)
      tzinfo (~> 0.3.22)
      will_paginate (~> 3.0.pre)
    mysql2 (0.2.6)
    plucky (0.3.6)
      mongo (~> 1.1)
    rake (0.8.7)
    rspec (2.2.0)
      rspec-core (~> 2.2)
      rspec-expectations (~> 2.2)
      rspec-mocks (~> 2.2)
    rspec-core (2.5.1)
    rspec-expectations (2.5.0)
      diff-lcs (~> 1.1.2)
    rspec-mocks (2.5.0)
    shoulda (2.11.3)
    term-ansicolor (1.0.5)
    tzinfo (0.3.24)
    will_paginate (3.0.pre2)

PLATFORMS
  ruby

DEPENDENCIES
  activerecord (>= 2.3.0)
  activesupport (>= 2.3.0)
  blueprints!
  bson_ext (>= 1.1.4)
  bundler (>= 1.0.0)
  cucumber (>= 0.7.0)
  database_cleaner (~> 0.5.0)
  dm-migrations (>= 1.0.0)
  dm-mysql-adapter (>= 1.0.0)
  dm-transactions (>= 1.0.0)
  mocha (>= 0.9.8)
  mongo_mapper (>= 0.8.0)
  mongoid (>= 2.0.0.beta)
  mysql2
  rspec (~> 2.2.0)
  shoulda (>= 2.10.0)
