PATH
  remote: .
  specs:
    blueprints (0.8.1)
      activesupport (>= 2.3.0)
      database_cleaner (~> 0.5.0)

GEM
  specs:
    activemodel (3.0.0)
      activesupport (= 3.0.0)
      builder (~> 2.1.2)
      i18n (~> 0.4.1)
    activerecord (3.0.0)
      activemodel (= 3.0.0)
      activesupport (= 3.0.0)
      arel (~> 1.0.0)
      tzinfo (~> 0.3.23)
    activesupport (3.0.0)
    arel (1.0.1)
      activesupport (~> 3.0.0)
    builder (2.1.2)
    cucumber (0.8.5)
      builder (~> 2.1.2)
      diff-lcs (~> 1.1.2)
      gherkin (~> 2.1.4)
      json_pure (~> 1.4.3)
      term-ansicolor (~> 1.0.4)
    database_cleaner (0.5.2)
    diff-lcs (1.1.2)
    gherkin (2.1.5)
      trollop (~> 1.16.2)
    i18n (0.4.1)
    json_pure (1.4.6)
    mocha (0.9.8)
      rake
    rake (0.8.7)
    rspec (1.3.0)
    shoulda (2.10.3)
    term-ansicolor (1.0.5)
    trollop (1.16.2)
    tzinfo (0.3.23)

PLATFORMS
  ruby

DEPENDENCIES
  activerecord (>= 2.3.0)
  activesupport (>= 2.3.0)
  blueprints!
  cucumber (>= 0.7.0)
  database_cleaner (~> 0.5.0)
  mocha (>= 0.9.8)
  rspec (>= 1.3.0)
  shoulda (>= 2.10.0)
